GEM
  remote: https://rubygems.org/
  specs:
    coderay (1.1.1)
    method_source (0.9.0)
    mini_portile2 (2.1.0)
    nokogiri (1.6.8.1)
      mini_portile2 (~> 2.1.0)
    pry (0.11.3)
      coderay (~> 1.1.0)
      method_source (~> 0.9.0)

PLATFORMS
  ruby

DEPENDENCIES
  nokogiri (= 1.6.8.1)
  pry

BUNDLED WITH
   1.12.5
